GEM
  remote: https://rubygems.org/
  specs:
    diff-lcs (1.2.5)
    google-cloud-core (0.21.0)
    google-cloud-translate (0.22.0)
      google-cloud-core (~> 0.21.0)
    rspec (3.5.0)
      rspec-core (~> 3.5.0)
      rspec-expectations (~> 3.5.0)
      rspec-mocks (~> 3.5.0)
    rspec-core (3.5.3)
      rspec-support (~> 3.5.0)
    rspec-expectations (3.5.0)
      diff-lcs (>= 1.2.0, < 2.0)
      rspec-support (~> 3.5.0)
    rspec-mocks (3.5.0)
      diff-lcs (>= 1.2.0, < 2.0)
      rspec-support (~> 3.5.0)
    rspec-support (3.5.0)

PLATFORMS
  ruby

DEPENDENCIES
  google-cloud-translate
  rspec

BUNDLED WITH
   1.12.5
